PATH
  remote: .
  specs:
    google_tts_plugin (0.0.2)
      activesupport (>= 3.0.10)
      adhearsion (~> 2.1)
      mechanize

GEM
  remote: http://rubygems.org/
  specs:
    activesupport (3.2.11)
      i18n (~> 0.6)
      multi_json (~> 1.0)
    addressable (2.3.2)
    adhearsion (2.2.1)
      activesupport (~> 3.0)
      adhearsion-loquacious (~> 1.9)
      bundler (~> 1.0)
      celluloid (~> 0.12, >= 0.12.1)
      countdownlatch
      deep_merge
      ffi (~> 1.0)
      future-resource (~> 1.0)
      girl_friday
      has-guarded-handlers (~> 1.5)
      logging (~> 1.8)
      pry
      punchblock (~> 1.4)
      rake
      ruby_speech (~> 1.0)
      thor
    adhearsion-loquacious (1.9.3)
    blather (0.8.2)
      activesupport (>= 2.3.11)
      eventmachine (>= 1.0.0)
      girl_friday
      niceogiri (~> 1.0)
      nokogiri (~> 1.5, >= 1.5.6)
    celluloid (0.12.4)
      facter (>= 1.6.12)
      timers (>= 1.0.0)
    celluloid-io (0.12.1)
      celluloid (~> 0.12.0)
      nio4r (>= 0.4.0)
    childprocess (0.3.6)
      ffi (~> 1.0, >= 1.0.6)
    coderay (1.0.8)
    connection_pool (1.0.0)
    countdownlatch (1.0.0)
    crack (0.3.2)
    deep_merge (1.0.0)
    diff-lcs (1.1.3)
    domain_name (0.5.7)
      unf (~> 0.0.3)
    eventmachine (1.0.0)
    facter (1.6.17)
    ffi (1.3.1)
    future-resource (1.0.0)
    girl_friday (0.11.2)
      connection_pool (~> 1.0)
      rubinius-actor
    growl (1.0.3)
    guard (1.6.1)
      listen (>= 0.6.0)
      lumberjack (>= 1.0.2)
      pry (>= 0.9.10)
      thor (>= 0.14.6)
    guard-rspec (2.3.3)
      guard (>= 1.1)
      rspec (~> 2.11)
    guard-spork (1.4.1)
      childprocess (>= 0.2.3)
      guard (>= 1.1)
      spork (>= 0.8.4)
    has-guarded-handlers (1.5.0)
    i18n (0.6.1)
    json (1.7.6)
    listen (0.7.2)
    little-plugger (1.1.3)
    logging (1.8.1)
      little-plugger (>= 1.1.3)
      multi_json (>= 1.3.6)
    lumberjack (1.0.2)
    mechanize (2.5.1)
      domain_name (~> 0.5, >= 0.5.1)
      mime-types (~> 1.17, >= 1.17.2)
      net-http-digest_auth (~> 1.1, >= 1.1.1)
      net-http-persistent (~> 2.5, >= 2.5.2)
      nokogiri (~> 1.4)
      ntlm-http (~> 0.1, >= 0.1.1)
      webrobots (~> 0.0, >= 0.0.9)
    method_source (0.8.1)
    mime-types (1.19)
    multi_json (1.5.0)
    net-http-digest_auth (1.2.1)
    net-http-persistent (2.8)
    niceogiri (1.1.1)
      nokogiri (~> 1.5)
    nio4r (0.4.3)
    nokogiri (1.5.6)
    ntlm-http (0.1.1)
    pry (0.9.10)
      coderay (~> 1.0.5)
      method_source (~> 0.8)
      slop (~> 3.3.1)
    punchblock (1.8.0)
      activesupport (~> 3.0)
      blather (>= 0.7.0)
      celluloid (~> 0.12, >= 0.12.4)
      future-resource (~> 1.0)
      has-guarded-handlers (~> 1.5)
      niceogiri (~> 1.1)
      nokogiri (~> 1.5, >= 1.5.6)
      ruby_ami (~> 1.2, >= 1.2.1)
      ruby_fs (~> 1.0)
      ruby_speech (~> 1.0)
      state_machine (~> 1.0)
    rake (10.0.3)
    rb-fsevent (0.9.3)
    rspec (2.12.0)
      rspec-core (~> 2.12.0)
      rspec-expectations (~> 2.12.0)
      rspec-mocks (~> 2.12.0)
    rspec-core (2.12.2)
    rspec-expectations (2.12.1)
      diff-lcs (~> 1.1.3)
    rspec-mocks (2.12.1)
    rubinius-actor (0.0.2)
      rubinius-core-api
    rubinius-core-api (0.0.1)
    ruby_ami (1.2.6)
      celluloid-io (~> 0.12.0)
      countdownlatch (~> 1.0)
      future-resource
      girl_friday
    ruby_fs (1.0.3)
      celluloid-io (~> 0.12.0)
      json
    ruby_speech (1.0.2)
      activesupport (>= 3.0.7)
      niceogiri (~> 1.1, >= 1.1.1)
      nokogiri (~> 1.5, >= 1.5.6)
    slop (3.3.3)
    spork (0.9.2)
    state_machine (1.1.2)
    thor (0.16.0)
    timers (1.0.2)
    unf (0.0.5)
      unf_ext
    unf_ext (0.0.5)
    webmock (1.9.0)
      addressable (>= 2.2.7)
      crack (>= 0.1.7)
    webrobots (0.0.13)

PLATFORMS
  ruby

DEPENDENCIES
  bundler (~> 1.0)
  google_tts_plugin!
  growl
  guard-rspec
  guard-spork
  rake
  rb-fsevent (~> 0.9.1)
  webmock
